GEM
  remote: https://rubygems.org/
  specs:
    browserstack-screenshot (0.0.1)
      yajl-ruby (= 1.1.0)
    dotenv (0.9.0)
    mini_portile (0.5.2)
    nokogiri (1.6.0)
      mini_portile (~> 0.5.0)
    yajl-ruby (1.1.0)

PLATFORMS
  ruby

DEPENDENCIES
  browserstack-screenshot
  dotenv
  nokogiri
